GEM
  remote: https://rubygems.org/
  specs:
    airbrussh (1.0.2)
      sshkit (>= 1.6.1, != 1.7.0)
    capistrano (3.5.0)
      airbrussh (>= 1.0.0)
      capistrano-harrow
      i18n
      rake (>= 10.0.0)
      sshkit (>= 1.9.0)
    capistrano-bundler (1.1.4)
      capistrano (~> 3.1)
      sshkit (~> 1.2)
    capistrano-chruby (0.1.2)
      capistrano (~> 3.0)
      sshkit (~> 1.3)
    capistrano-harrow (0.5.2)
    capistrano-passenger (0.2.0)
      capistrano (~> 3.0)
    highline (1.7.8)
    i18n (0.7.0)
    net-scp (1.2.1)
      net-ssh (>= 2.6.5)
    net-ssh (3.2.0)
    rack (1.6.4)
    rack-protection (1.5.3)
      rack
    rake (11.2.2)
    sinatra (1.4.7)
      rack (~> 1.5)
      rack-protection (~> 1.4)
      tilt (>= 1.3, < 3)
    sshkit (1.11.1)
      net-scp (>= 1.1.2)
      net-ssh (>= 2.8.0)
    tilt (2.0.5)

PLATFORMS
  ruby

DEPENDENCIES
  capistrano (~> 3.5)
  capistrano-bundler
  capistrano-chruby
  capistrano-passenger
  highline
  sinatra (= 1.4.7)

BUNDLED WITH
   1.12.5
